GEM
  remote: https://rubygems.org/
  specs:
    actioncable (7.0.2.4)
      actionpack (= 7.0.2.4)
      activesupport (= 7.0.2.4)
      nio4r (~> 2.0)
      websocket-driver (>= 0.6.1)
    actionmailbox (7.0.2.4)
      actionpack (= 7.0.2.4)
      activejob (= 7.0.2.4)
      activerecord (= 7.0.2.4)
      activestorage (= 7.0.2.4)
      activesupport (= 7.0.2.4)
      mail (>= 2.7.1)
      net-imap
      net-pop
      net-smtp
    actionmailer (7.0.2.4)
      actionpack (= 7.0.2.4)
      actionview (= 7.0.2.4)
      activejob (= 7.0.2.4)
      activesupport (= 7.0.2.4)
      mail (~> 2.5, >= 2.5.4)
      net-imap
      net-pop
      net-smtp
      rails-dom-testing (~> 2.0)
    actionpack (7.0.2.4)
      actionview (= 7.0.2.4)
      activesupport (= 7.0.2.4)
      rack (~> 2.0, >= 2.2.0)
      rack-test (>= 0.6.3)
      rails-dom-testing (~> 2.0)
      rails-html-sanitizer (~> 1.0, >= 1.2.0)
    actiontext (7.0.2.4)
      actionpack (= 7.0.2.4)
      activerecord (= 7.0.2.4)
      activestorage (= 7.0.2.4)
      activesupport (= 7.0.2.4)
      globalid (>= 0.6.0)
      nokogiri (>= 1.8.5)
    actionview (7.0.2.4)
      activesupport (= 7.0.2.4)
      builder (~> 3.1)
      erubi (~> 1.4)
      rails-dom-testing (~> 2.0)
      rails-html-sanitizer (~> 1.1, >= 1.2.0)
    activejob (7.0.2.4)
      activesupport (= 7.0.2.4)
      globalid (>= 0.3.6)
    activemodel (7.0.2.4)
      activesupport (= 7.0.2.4)
    activerecord (7.0.2.4)
      activemodel (= 7.0.2.4)
      activesupport (= 7.0.2.4)
    activestorage (7.0.2.4)
      actionpack (= 7.0.2.4)
      activejob (= 7.0.2.4)
      activerecord (= 7.0.2.4)
      activesupport (= 7.0.2.4)
      marcel (~> 1.0)
      mini_mime (>= 1.1.0)
    activesupport (7.0.2.4)
      concurrent-ruby (~> 1.0, >= 1.0.2)
      i18n (>= 1.6, < 2)
      minitest (>= 5.1)
      tzinfo (~> 2.0)
    addressable (2.6.0)
      public_suffix (>= 2.0.2, < 4.0)
    ansi (1.5.0)
    ast (2.4.0)
    builder (3.2.4)
    capybara (3.28.0)
      addressable
      mini_mime (>= 0.1.3)
      nokogiri (~> 1.8)
      rack (>= 1.6.0)
      rack-test (>= 0.6.3)
      regexp_parser (~> 1.5)
      xpath (~> 3.2)
    concurrent-ruby (1.1.10)
    crass (1.0.6)
    diff-lcs (1.3)
    digest (3.1.0)
    docile (1.3.2)
    erubi (1.10.0)
    globalid (1.0.0)
      activesupport (>= 5.0)
    i18n (1.10.0)
      concurrent-ruby (~> 1.0)
    jaro_winkler (1.5.3)
    json (2.2.0)
    loofah (2.16.0)
      crass (~> 1.0.2)
      nokogiri (>= 1.5.9)
    mail (2.7.1)
      mini_mime (>= 0.1.1)
    marcel (1.0.2)
    method_source (1.0.0)
    mini_mime (1.1.2)
    mini_portile2 (2.8.0)
    minitest (5.15.0)
    mustermann (1.0.3)
    net-imap (0.2.3)
      digest
      net-protocol
      strscan
    net-pop (0.1.1)
      digest
      net-protocol
      timeout
    net-protocol (0.1.3)
      timeout
    net-smtp (0.3.1)
      digest
      net-protocol
      timeout
    nio4r (2.5.8)
    nokogiri (1.13.4)
      mini_portile2 (~> 2.8.0)
      racc (~> 1.4)
    parallel (1.17.0)
    parser (2.6.3.0)
      ast (~> 2.4.0)
    pg (1.1.4)
    public_suffix (3.1.1)
    racc (1.6.0)
    rack (2.2.3)
    rack-protection (2.0.5)
      rack
    rack-test (1.1.0)
      rack (>= 1.0, < 3)
    rails (7.0.2.4)
      actioncable (= 7.0.2.4)
      actionmailbox (= 7.0.2.4)
      actionmailer (= 7.0.2.4)
      actionpack (= 7.0.2.4)
      actiontext (= 7.0.2.4)
      actionview (= 7.0.2.4)
      activejob (= 7.0.2.4)
      activemodel (= 7.0.2.4)
      activerecord (= 7.0.2.4)
      activestorage (= 7.0.2.4)
      activesupport (= 7.0.2.4)
      bundler (>= 1.15.0)
      railties (= 7.0.2.4)
    rails-dom-testing (2.0.3)
      activesupport (>= 4.2.0)
      nokogiri (>= 1.6)
    rails-html-sanitizer (1.4.2)
      loofah (~> 2.3)
    railties (7.0.2.4)
      actionpack (= 7.0.2.4)
      activesupport (= 7.0.2.4)
      method_source
      rake (>= 12.2)
      thor (~> 1.0)
      zeitwerk (~> 2.5)
    rainbow (3.0.0)
    rake (12.3.3)
    regexp_parser (1.6.0)
    require_all (2.0.0)
    rspec (3.8.0)
      rspec-core (~> 3.8.0)
      rspec-expectations (~> 3.8.0)
      rspec-mocks (~> 3.8.0)
    rspec-core (3.8.2)
      rspec-support (~> 3.8.0)
    rspec-expectations (3.8.4)
      diff-lcs (>= 1.2.0, < 2.0)
      rspec-support (~> 3.8.0)
    rspec-mocks (3.8.1)
      diff-lcs (>= 1.2.0, < 2.0)
      rspec-support (~> 3.8.0)
    rspec-support (3.8.2)
    rubocop (0.74.0)
      jaro_winkler (~> 1.5.1)
      parallel (~> 1.10)
      parser (>= 2.6)
      rainbow (>= 2.2.2, < 4.0)
      ruby-progressbar (~> 1.7)
      unicode-display_width (>= 1.4.0, < 1.7)
    ruby-progressbar (1.10.1)
    simplecov (0.17.0)
      docile (~> 1.1)
      json (>= 1.8, < 3)
      simplecov-html (~> 0.10.0)
    simplecov-console (0.5.0)
      ansi
      simplecov
      terminal-table
    simplecov-html (0.10.2)
    sinatra (2.0.5)
      mustermann (~> 1.0)
      rack (~> 2.0)
      rack-protection (= 2.0.5)
      tilt (~> 2.0)
    strscan (3.0.1)
    terminal-table (1.8.0)
      unicode-display_width (~> 1.1, >= 1.1.1)
    thor (1.2.1)
    tilt (2.0.9)
    timeout (0.2.0)
    tzinfo (2.0.4)
      concurrent-ruby (~> 1.0)
    unicode-display_width (1.6.0)
    url (0.3.2)
    valid_url (0.0.4)
      addressable
      rails
    websocket-driver (0.7.5)
      websocket-extensions (>= 0.1.0)
    websocket-extensions (0.1.5)
    xpath (3.2.0)
      nokogiri (~> 1.8)
    zeitwerk (2.5.4)

PLATFORMS
  ruby

DEPENDENCIES
  capybara
  pg
  rake
  require_all
  rspec
  rubocop
  simplecov
  simplecov-console
  sinatra
  url
  valid_url

BUNDLED WITH
   1.17.3
